GEM
  remote: https://rubygems.org/
  specs:
    betterlorem (0.1.2)

PLATFORMS
  ruby

DEPENDENCIES
  betterlorem

BUNDLED WITH
   2.0.1
